GEM
  remote: http://rubygems.org/
  specs:
    ansi (1.4.3)
    parseconfig (1.0.2)
    rainbow (1.1.4)
    system (0.1.3)
      version (~> 1.0.0)
    version (1.0.0)

PLATFORMS
  ruby

DEPENDENCIES
  ansi (~> 1.4)
  parseconfig (~> 1.0)
  rainbow
  system (~> 0.1)
