PATH
  remote: .
  specs:
    dvash (0.0.2)
      ansi (~> 1.4)
      parseconfig (~> 1.0)
      rainbow (~> 1.1)
      service (~> 1.0)
      system (~> 0.1)

GEM
  remote: http://rubygems.org/
  specs:
    ansi (1.4.3)
    parseconfig (1.0.2)
    rainbow (1.1.4)
    service (1.0.1)
      version (~> 1.0)
    system (0.1.3)
      version (~> 1.0.0)
    version (1.0.0)

PLATFORMS
  ruby

DEPENDENCIES
  dvash!
